GIT
  remote: git@github.com:LoyaltyNZ/hoodoo.git
  revision: e3c2882baff95c1ecf32c6815319145797793877
  branch: master
  specs:
    hoodoo (0.6.0)
      dalli (~> 2.7)
      json_builder (~> 3.1)
      uuidtools (~> 2.1)

GEM
  remote: https://rubygems.org/
  specs:
    activesupport (4.2.0)
      i18n (~> 0.7)
      json (~> 1.7, >= 1.7.7)
      minitest (~> 5.1)
      thread_safe (~> 0.3, >= 0.3.4)
      tzinfo (~> 1.1)
    addressable (2.3.6)
    dalli (2.7.2)
    i18n (0.7.0)
    json (1.8.1)
    json-schema (2.5.0)
      addressable (~> 2.3)
    json_builder (3.1.7)
      activesupport (>= 2.0.0)
      json
    minitest (5.5.0)
    thread_safe (0.3.4)
    tzinfo (1.2.2)
      thread_safe (~> 0.1)
    uuidtools (2.1.5)

PLATFORMS
  ruby

DEPENDENCIES
  activesupport (~> 4.1)
  hoodoo!
  json-schema (~> 2.4)
