GIT
  remote: https://github.com/pond/sdoc.git
  revision: 5c5a85694027e946adeadfaad43cca11320f9b4d
  branch: master
  specs:
    sdoc (0.4.1)
      erubis
      json (~> 1.7, >= 1.7.7)
      rdoc (~> 4.0)

PATH
  remote: .
  specs:
    hoodoo (2.0.0)
      dalli (~> 2.7)

GEM
  remote: https://rubygems.org/
  specs:
    activemodel (5.0.1)
      activesupport (= 5.0.1)
    activerecord (5.0.1)
      activemodel (= 5.0.1)
      activesupport (= 5.0.1)
      arel (~> 7.0)
    activesupport (5.0.1)
      concurrent-ruby (~> 1.0, >= 1.0.2)
      i18n (~> 0.7)
      minitest (~> 5.1)
      tzinfo (~> 1.1)
    airbrake (5.7.1)
      airbrake-ruby (~> 1.7)
    airbrake-ruby (1.7.1)
    alchemy-flux (1.1.0)
      amqp (~> 1.5)
      eventmachine (~> 1.0)
      rack (~> 2.0)
      uuidtools (~> 2.1)
    amq-protocol (2.2.0)
    amqp (1.7.0)
      amq-protocol (>= 2.1.0)
      eventmachine
    arel (7.1.4)
    builder (3.2.3)
    byebug (9.0.6)
    concurrent-ruby (1.0.4)
    dalli (2.7.6)
    database_cleaner (1.6.1)
    debugger-linecache (1.2.0)
    diff-lcs (1.3)
    docile (1.1.5)
    erubis (2.7.0)
    eventmachine (1.2.5)
    httparty (0.15.6)
      multi_xml (>= 0.5.2)
    i18n (0.8.6)
    json (1.8.6)
    le (2.7.5)
    minitest (5.10.3)
    multi_xml (0.6.0)
    pg (0.21.0)
    rack (2.0.3)
    rack-test (0.7.0)
      rack (>= 1.0, < 3)
    rake (10.5.0)
    raygun4ruby (1.5.0)
      httparty (> 0.13.7)
      json
      rack
    rdoc (4.3.0)
    redis (3.3.3)
    rspec (3.6.0)
      rspec-core (~> 3.6.0)
      rspec-expectations (~> 3.6.0)
      rspec-mocks (~> 3.6.0)
    rspec-core (3.6.0)
      rspec-support (~> 3.6.0)
    rspec-expectations (3.6.0)
      diff-lcs (>= 1.2.0, < 2.0)
      rspec-support (~> 3.6.0)
    rspec-mocks (3.6.0)
      diff-lcs (>= 1.2.0, < 2.0)
      rspec-support (~> 3.6.0)
    rspec-support (3.6.0)
    simplecov (0.15.1)
      docile (~> 1.1.0)
      json (>= 1.8, < 3)
      simplecov-html (~> 0.10.0)
    simplecov-html (0.10.2)
    simplecov-rcov (0.2.3)
      simplecov (>= 0.4.1)
    slop (3.6.0)
    thread_safe (0.3.6)
    timecop (0.9.1)
    tzinfo (1.2.3)
      thread_safe (~> 0.1)
    uuidtools (2.1.5)

PLATFORMS
  ruby

DEPENDENCIES
  activerecord (~> 5.0)
  activesupport (~> 5.0)
  airbrake (~> 4.3)
  alchemy-flux (= 1.1)
  byebug (~> 9)
  database_cleaner (~> 1.6)
  hoodoo!
  le (~> 2.7)
  pg (~> 0.19)
  rack (~> 2.0)
  rack-test (~> 0.6)
  rake (~> 12.0)
  raygun4ruby (~> 1.1)
  rdoc (~> 4.3)
  redis (~> 3.3)
  rspec (~> 3.5)
  rspec-mocks (~> 3.5)
  sdoc!
  simplecov-rcov (~> 0.2)
  timecop (~> 0.8)

BUNDLED WITH
   1.15.4
