GIT
  remote: https://github.com/pond/sdoc.git
  revision: 4fe40b26696bc432cee37925fc7ce61673b27583
  branch: master
  specs:
    sdoc (0.4.1)
      erubis
      json (~> 1.7, >= 1.7.7)
      rdoc (~> 4.0)

PATH
  remote: .
  specs:
    hoodoo (1.0.3)
      uuidtools (~> 2.1)

GEM
  remote: https://rubygems.org/
  specs:
    database_cleaner (1.4.1)
    diff-lcs (1.2.5)
    docile (1.1.5)
    erubis (2.7.0)
    json (1.8.3)
    msgpack (0.7.1)
    pg (0.18.4)
    rack (1.6.4)
    rack-test (0.6.3)
      rack (>= 1.0)
    rake (10.4.2)
    rdoc (4.2.0)
    rspec (3.4.0)
      rspec-core (~> 3.4.0)
      rspec-expectations (~> 3.4.0)
      rspec-mocks (~> 3.4.0)
    rspec-core (3.4.1)
      rspec-support (~> 3.4.0)
    rspec-expectations (3.4.0)
      diff-lcs (>= 1.2.0, < 2.0)
      rspec-support (~> 3.4.0)
    rspec-mocks (3.4.0)
      diff-lcs (>= 1.2.0, < 2.0)
      rspec-support (~> 3.4.0)
    rspec-support (3.4.1)
    simplecov (0.11.1)
      docile (~> 1.1.0)
      json (~> 1.8)
      simplecov-html (~> 0.10.0)
    simplecov-html (0.10.0)
    simplecov-rcov (0.2.3)
      simplecov (>= 0.4.1)
    uuidtools (2.1.5)

PLATFORMS
  ruby

DEPENDENCIES
  database_cleaner (~> 1.4.0)
  hoodoo!
  msgpack
  pg (~> 0.18)
  rack-test (~> 0.6)
  rake (~> 10.4)
  rspec (~> 3.3)
  rspec-mocks (~> 3.3)
  sdoc!
  simplecov-rcov (~> 0.2)

BUNDLED WITH
   1.10.6
