GIT
  remote: git@github.com:LoyaltyNZ/amq-endpoint.git
  revision: 03296a065775f98bfc07c6efdbeb6e07b600f29e
  branch: master
  specs:
    amq-endpoint (0.3.1)
      bunny (= 1.5.1)
      msgpack (= 0.5.9)
      uuidtools (= 2.1.5)

PATH
  remote: .
  specs:
    api_tools (0.6.0)
      dalli (~> 2.7)
      json_builder (~> 3.1)
      uuidtools (~> 2.1)

GEM
  remote: https://rubygems.org/
  specs:
    activemodel (4.2.0)
      activesupport (= 4.2.0)
      builder (~> 3.1)
    activerecord (4.2.0)
      activemodel (= 4.2.0)
      activesupport (= 4.2.0)
      arel (~> 6.0)
    activesupport (4.2.0)
      i18n (~> 0.7)
      json (~> 1.7, >= 1.7.7)
      minitest (~> 5.1)
      thread_safe (~> 0.3, >= 0.3.4)
      tzinfo (~> 1.1)
    airbrake (4.1.0)
      builder
      multi_json
    amq-protocol (1.9.2)
    arel (6.0.0)
    builder (3.2.2)
    bunny (1.5.1)
      amq-protocol (>= 1.9.2)
    dalli (2.7.2)
    database_cleaner (1.4.0)
    diff-lcs (1.2.5)
    docile (1.1.5)
    httparty (0.13.3)
      json (~> 1.8)
      multi_xml (>= 0.5.2)
    i18n (0.7.0)
    json (1.8.1)
    json_builder (3.1.7)
      activesupport (>= 2.0.0)
      json
    minitest (5.5.0)
    msgpack (0.5.9)
    multi_json (1.10.1)
    multi_xml (0.5.5)
    rack (1.6.0)
    rack-test (0.6.2)
      rack (>= 1.0)
    rake (10.4.2)
    raygun4ruby (1.1.4)
      httparty (~> 0.11)
      json
      rack
    rdoc (4.2.0)
      json (~> 1.4)
    rspec (3.1.0)
      rspec-core (~> 3.1.0)
      rspec-expectations (~> 3.1.0)
      rspec-mocks (~> 3.1.0)
    rspec-core (3.1.7)
      rspec-support (~> 3.1.0)
    rspec-expectations (3.1.2)
      diff-lcs (>= 1.2.0, < 2.0)
      rspec-support (~> 3.1.0)
    rspec-mocks (3.1.3)
      rspec-support (~> 3.1.0)
    rspec-support (3.1.2)
    sdoc (0.4.1)
      json (~> 1.7, >= 1.7.7)
      rdoc (~> 4.0)
    simplecov (0.9.1)
      docile (~> 1.1.0)
      multi_json (~> 1.0)
      simplecov-html (~> 0.8.0)
    simplecov-html (0.8.0)
    simplecov-rcov (0.2.3)
      simplecov (>= 0.4.1)
    sqlite3 (1.3.10)
    thread_safe (0.3.4)
    tzinfo (1.2.2)
      thread_safe (~> 0.1)
    uuidtools (2.1.5)

PLATFORMS
  ruby

DEPENDENCIES
  activerecord (~> 4.1)
  airbrake (~> 4.1)
  amq-endpoint!
  api_tools!
  database_cleaner (~> 1.3)
  rack-test (~> 0.6)
  rake (~> 10.4)
  raygun4ruby (~> 1.1)
  rdoc (~> 4.1)
  rspec (~> 3.1)
  rspec-mocks (~> 3.1)
  sdoc (~> 0.4)
  simplecov-rcov (~> 0.2)
  sqlite3 (~> 1.3)
