GIT
  remote: git@github.com:LoyaltyNZ/amq-endpoint.git
  revision: 3914529af1ca833072d9a3be31829df788b23d70
  branch: master
  specs:
    amq-endpoint (0.1.0)
      bunny (= 1.5.1)
      msgpack (= 0.5.9)
      uuidtools (= 2.1.5)

PATH
  remote: .
  specs:
    api_tools (0.5.2)
      dalli (~> 2.7)
      json_builder (~> 3.1)
      uuidtools (~> 2.1)

GEM
  remote: https://rubygems.org/
  specs:
    activemodel (4.1.8)
      activesupport (= 4.1.8)
      builder (~> 3.1)
    activerecord (4.1.8)
      activemodel (= 4.1.8)
      activesupport (= 4.1.8)
      arel (~> 5.0.0)
    activesupport (4.1.8)
      i18n (~> 0.6, >= 0.6.9)
      json (~> 1.7, >= 1.7.7)
      minitest (~> 5.1)
      thread_safe (~> 0.1)
      tzinfo (~> 1.1)
    amq-protocol (1.9.2)
    arel (5.0.1.20140414130214)
    builder (3.2.2)
    bunny (1.5.1)
      amq-protocol (>= 1.9.2)
    dalli (2.7.2)
    database_cleaner (1.3.0)
    diff-lcs (1.2.5)
    docile (1.1.5)
    i18n (0.6.11)
    json (1.8.1)
    json_builder (3.1.7)
      activesupport (>= 2.0.0)
      json
    minitest (5.4.3)
    msgpack (0.5.9)
    multi_json (1.10.1)
    rack (1.5.2)
    rack-test (0.6.2)
      rack (>= 1.0)
    rake (10.4.2)
    rdoc (4.1.2)
      json (~> 1.4)
    rspec (3.1.0)
      rspec-core (~> 3.1.0)
      rspec-expectations (~> 3.1.0)
      rspec-mocks (~> 3.1.0)
    rspec-core (3.1.7)
      rspec-support (~> 3.1.0)
    rspec-expectations (3.1.2)
      diff-lcs (>= 1.2.0, < 2.0)
      rspec-support (~> 3.1.0)
    rspec-mocks (3.1.3)
      rspec-support (~> 3.1.0)
    rspec-support (3.1.2)
    sdoc (0.4.1)
      json (~> 1.7, >= 1.7.7)
      rdoc (~> 4.0)
    simplecov (0.9.1)
      docile (~> 1.1.0)
      multi_json (~> 1.0)
      simplecov-html (~> 0.8.0)
    simplecov-html (0.8.0)
    simplecov-rcov (0.2.3)
      simplecov (>= 0.4.1)
    sqlite3 (1.3.10)
    thread_safe (0.3.4)
    tzinfo (1.2.2)
      thread_safe (~> 0.1)
    uuidtools (2.1.5)

PLATFORMS
  ruby

DEPENDENCIES
  activerecord (~> 4.1)
  amq-endpoint!
  api_tools!
  database_cleaner (~> 1.3)
  rack-test (~> 0.6)
  rake (~> 10.4)
  rdoc (~> 4.1)
  rspec (~> 3.1)
  rspec-mocks (~> 3.1)
  sdoc (~> 0.4)
  simplecov-rcov (~> 0.2)
  sqlite3 (~> 1.3)
