GIT
  remote: https://github.com/pond/sdoc.git
  revision: 5c5a85694027e946adeadfaad43cca11320f9b4d
  branch: master
  specs:
    sdoc (0.4.1)
      erubis
      json (~> 1.7, >= 1.7.7)
      rdoc (~> 4.0)

PATH
  remote: .
  specs:
    hoodoo (1.8.2)
      dalli (~> 2.7)
      kgio (~> 2.9)

GEM
  remote: https://rubygems.org/
  specs:
    activemodel (4.2.6)
      activesupport (= 4.2.6)
      builder (~> 3.1)
    activerecord (4.2.6)
      activemodel (= 4.2.6)
      activesupport (= 4.2.6)
      arel (~> 6.0)
    activesupport (4.2.6)
      i18n (~> 0.7)
      json (~> 1.7, >= 1.7.7)
      minitest (~> 5.1)
      thread_safe (~> 0.3, >= 0.3.4)
      tzinfo (~> 1.1)
    airbrake (4.3.6)
      builder
      multi_json
    alchemy-flux (1.0.0)
      amqp (~> 1.5)
      eventmachine (~> 1.0)
      rack (~> 1.6)
      uuidtools (~> 2.1)
    amq-protocol (2.0.1)
    amqp (1.6.0)
      amq-protocol (>= 2.0.1)
      eventmachine
    arel (6.0.3)
    builder (3.2.2)
    byebug (3.5.1)
      columnize (~> 0.8)
      debugger-linecache (~> 1.2)
      slop (~> 3.6)
    columnize (0.9.0)
    dalli (2.7.6)
    database_cleaner (1.4.1)
    debugger-linecache (1.2.0)
    diff-lcs (1.2.5)
    docile (1.1.5)
    erubis (2.7.0)
    eventmachine (1.2.0.1)
    httparty (0.13.7)
      json (~> 1.8)
      multi_xml (>= 0.5.2)
    i18n (0.7.0)
    json (1.8.3)
    kgio (2.10.0)
    le (2.7.1)
    minitest (5.8.4)
    multi_json (1.12.0)
    multi_xml (0.5.5)
    pg (0.18.4)
    rack (1.6.4)
    rack-test (0.6.3)
      rack (>= 1.0)
    rake (10.5.0)
    raygun4ruby (1.1.9)
      httparty (~> 0.11)
      json
      rack
    rdoc (4.2.2)
      json (~> 1.4)
    rspec (3.4.0)
      rspec-core (~> 3.4.0)
      rspec-expectations (~> 3.4.0)
      rspec-mocks (~> 3.4.0)
    rspec-core (3.4.4)
      rspec-support (~> 3.4.0)
    rspec-expectations (3.4.0)
      diff-lcs (>= 1.2.0, < 2.0)
      rspec-support (~> 3.4.0)
    rspec-mocks (3.4.1)
      diff-lcs (>= 1.2.0, < 2.0)
      rspec-support (~> 3.4.0)
    rspec-support (3.4.1)
    simplecov (0.11.2)
      docile (~> 1.1.0)
      json (~> 1.8)
      simplecov-html (~> 0.10.0)
    simplecov-html (0.10.0)
    simplecov-rcov (0.2.3)
      simplecov (>= 0.4.1)
    slop (3.6.0)
    thread_safe (0.3.5)
    timecop (0.8.1)
    tzinfo (1.2.2)
      thread_safe (~> 0.1)
    uuidtools (2.1.5)

PLATFORMS
  ruby

DEPENDENCIES
  activerecord (~> 4.2)
  activesupport (~> 4.2)
  airbrake (~> 4.3)
  alchemy-flux (~> 1.0)
  byebug (~> 3.5)
  database_cleaner (~> 1.4.0)
  hoodoo!
  le (~> 2.6)
  pg (~> 0.18)
  rack-test (~> 0.6)
  rake (~> 10.4)
  raygun4ruby (~> 1.1)
  rdoc (~> 4.2)
  rspec (~> 3.3)
  rspec-mocks (~> 3.3)
  sdoc!
  simplecov-rcov (~> 0.2)
  timecop (~> 0.8)

BUNDLED WITH
   1.12.1
