GIT
  remote: git@github.com:LoyaltyNZ/alchemy-amq.git
  revision: 8920e175365a0e1a498f1a4805c7e3241c8a2e48
  branch: master
  specs:
    alchemy-amq (0.5.1)
      amqp (= 1.5.0)
      eventmachine (= 1.0.7)
      msgpack (= 0.5.9)
      rack (~> 1.6)
      uuidtools (= 2.1.5)

PATH
  remote: .
  specs:
    hoodoo (0.6.0)
      dalli (~> 2.7)
      json_builder (~> 3.1)
      kgio (~> 2.9)
      uuidtools (~> 2.1)

GEM
  remote: https://rubygems.org/
  specs:
    activemodel (4.2.3)
      activesupport (= 4.2.3)
      builder (~> 3.1)
    activerecord (4.2.3)
      activemodel (= 4.2.3)
      activesupport (= 4.2.3)
      arel (~> 6.0)
    activesupport (4.2.3)
      i18n (~> 0.7)
      json (~> 1.7, >= 1.7.7)
      minitest (~> 5.1)
      thread_safe (~> 0.3, >= 0.3.4)
      tzinfo (~> 1.1)
    airbrake (4.3.0)
      builder
      multi_json
    amq-protocol (1.9.2)
    amqp (1.5.0)
      amq-protocol (>= 1.9.2)
      eventmachine
    arel (6.0.0)
    builder (3.2.2)
    byebug (3.5.1)
      columnize (~> 0.8)
      debugger-linecache (~> 1.2)
      slop (~> 3.6)
    columnize (0.9.0)
    dalli (2.7.4)
    database_cleaner (1.4.1)
    debugger-linecache (1.2.0)
    diff-lcs (1.2.5)
    docile (1.1.5)
    eventmachine (1.0.7)
    httparty (0.13.5)
      json (~> 1.8)
      multi_xml (>= 0.5.2)
    i18n (0.7.0)
    json (1.8.3)
    json_builder (3.1.7)
      activesupport (>= 2.0.0)
      json
    kgio (2.9.3)
    le (2.6.2)
    minitest (5.7.0)
    msgpack (0.5.9)
    multi_json (1.11.1)
    multi_xml (0.5.5)
    pg (0.18.2)
    rack (1.6.4)
    rack-test (0.6.3)
      rack (>= 1.0)
    rake (10.4.2)
    raygun4ruby (1.1.6)
      httparty (~> 0.11)
      json
      rack
    rdoc (4.2.0)
      json (~> 1.4)
    rspec (3.3.0)
      rspec-core (~> 3.3.0)
      rspec-expectations (~> 3.3.0)
      rspec-mocks (~> 3.3.0)
    rspec-core (3.3.1)
      rspec-support (~> 3.3.0)
    rspec-expectations (3.3.0)
      diff-lcs (>= 1.2.0, < 2.0)
      rspec-support (~> 3.3.0)
    rspec-mocks (3.3.1)
      diff-lcs (>= 1.2.0, < 2.0)
      rspec-support (~> 3.3.0)
    rspec-support (3.3.0)
    sdoc (0.4.1)
      json (~> 1.7, >= 1.7.7)
      rdoc (~> 4.0)
    simplecov (0.10.0)
      docile (~> 1.1.0)
      json (~> 1.8)
      simplecov-html (~> 0.10.0)
    simplecov-html (0.10.0)
    simplecov-rcov (0.2.3)
      simplecov (>= 0.4.1)
    slop (3.6.0)
    thread_safe (0.3.5)
    timecop (0.7.4)
    tzinfo (1.2.2)
      thread_safe (~> 0.1)
    uuidtools (2.1.5)

PLATFORMS
  ruby

DEPENDENCIES
  activerecord (~> 4.2)
  activesupport (~> 4.2)
  airbrake (~> 4.1)
  alchemy-amq!
  byebug (~> 3.5)
  database_cleaner (~> 1.3)
  hoodoo!
  le (~> 2.6)
  pg (~> 0.18)
  rack-test (~> 0.6)
  rake (~> 10.4)
  raygun4ruby (~> 1.1)
  rdoc (~> 4.1)
  rspec (~> 3.1)
  rspec-mocks (~> 3.1)
  sdoc (~> 0.4)
  simplecov-rcov (~> 0.2)
  timecop (~> 0.7)
