PATH
  remote: .
  specs:
    hoodoo (4.0.0)
      base64
      bigdecimal
      dalli (~> 3.2.3)
      ddtrace (~> 1.0)
      drb
      mutex_m
      rack (~> 3.1)
      rackup

GEM
  remote: https://rubygems.org/
  specs:
    activemodel (7.0.8.4)
      activesupport (= 7.0.8.4)
    activerecord (7.0.8.4)
      activemodel (= 7.0.8.4)
      activesupport (= 7.0.8.4)
    activesupport (7.0.8.4)
      concurrent-ruby (~> 1.0, >= 1.0.2)
      i18n (>= 1.6, < 2)
      minitest (>= 5.1)
      tzinfo (~> 2.0)
    addressable (2.8.6)
      public_suffix (>= 2.0.2, < 6.0)
    airbrake (7.4.0)
      airbrake-ruby (~> 2.12)
    airbrake-ruby (2.12.0)
    alchemy-flux (1.6.0)
      amqp (~> 1.8)
      eventmachine (~> 1.2)
      rack (~> 3.1)
      rackup (~> 2.1)
      uuidtools (~> 2.1)
    amq-protocol (2.3.2)
    amqp (1.8.0)
      amq-protocol (>= 2.2.0)
      eventmachine
    base64 (0.2.0)
    bigdecimal (3.1.8)
    bundle-audit (0.1.0)
      bundler-audit
    bundler-audit (0.9.1)
      bundler (>= 1.2.0, < 3)
      thor (~> 1.0)
    byebug (10.0.2)
    concurrent-ruby (1.3.3)
    crack (1.0.0)
      bigdecimal
      rexml
    dalli (3.2.8)
    database_cleaner (1.99.0)
    datadog-ci (0.8.3)
      msgpack
    ddtrace (1.23.2)
      datadog-ci (~> 0.8.1)
      debase-ruby_core_source (= 3.3.1)
      libdatadog (~> 7.0.0.1.0)
      libddwaf (~> 1.14.0.0.0)
      msgpack
    debase-ruby_core_source (3.3.1)
    debug (1.9.2)
      irb (~> 1.10)
      reline (>= 0.3.8)
    diff-lcs (1.5.1)
    docile (1.4.0)
    drb (2.2.1)
    eventmachine (1.2.7)
    ffi (1.17.0)
    hashdiff (1.1.0)
    i18n (1.14.5)
      concurrent-ruby (~> 1.0)
    io-console (0.7.2)
    irb (1.13.1)
      rdoc (>= 4.0.0)
      reline (>= 0.4.2)
    libdatadog (7.0.0.1.0)
    libddwaf (1.14.0.0.0)
      ffi (~> 1.0)
    minitest (5.23.1)
    msgpack (1.7.2)
    mutex_m (0.2.0)
    pg (1.5.6)
    psych (5.1.2)
      stringio
    public_suffix (5.0.5)
    r7insight (3.0.4)
    rack (3.1.4)
    rack-test (2.1.0)
      rack (>= 1.3)
    rackup (2.1.0)
      rack (>= 3)
      webrick (~> 1.8)
    rake (12.3.3)
    rdoc (6.7.0)
      psych (>= 4.0.0)
    redis (4.8.1)
    reline (0.5.9)
      io-console (~> 0.5)
    rexml (3.3.0)
      strscan
    rspec (3.13.0)
      rspec-core (~> 3.13.0)
      rspec-expectations (~> 3.13.0)
      rspec-mocks (~> 3.13.0)
    rspec-core (3.13.0)
      rspec-support (~> 3.13.0)
    rspec-expectations (3.13.1)
      diff-lcs (>= 1.2.0, < 2.0)
      rspec-support (~> 3.13.0)
    rspec-mocks (3.13.1)
      diff-lcs (>= 1.2.0, < 2.0)
      rspec-support (~> 3.13.0)
    rspec-support (3.13.1)
    simplecov (0.22.0)
      docile (~> 1.1)
      simplecov-html (~> 0.11)
      simplecov_json_formatter (~> 0.1)
    simplecov-html (0.12.3)
    simplecov-rcov (0.3.7)
      simplecov (>= 0.4.1)
    simplecov_json_formatter (0.1.4)
    stringio (3.1.1)
    strscan (3.1.0)
    thor (1.3.1)
    timecop (0.9.9)
    tzinfo (2.0.6)
      concurrent-ruby (~> 1.0)
    uuidtools (2.2.0)
    webmock (3.23.1)
      addressable (>= 2.8.0)
      crack (>= 0.3.2)
      hashdiff (>= 0.4.0, < 2.0.0)
    webrick (1.8.1)

PLATFORMS
  ruby

DEPENDENCIES
  activerecord (~> 7.0.1)
  activesupport (~> 7.0.1)
  airbrake (~> 7.3)
  airbrake-ruby (~> 2.11)
  alchemy-flux (~> 1.6)
  bundle-audit
  byebug (~> 10.0)
  database_cleaner (~> 1.8)
  debug (>= 1.0.0)
  hoodoo!
  pg (~> 1.0)
  r7insight (~> 3.0)
  rack-test (~> 2.1)
  rake (~> 12.0)
  redis (~> 4.0)
  rspec (~> 3.11)
  rspec-mocks (~> 3.11)
  simplecov-rcov (~> 0.3)
  timecop (~> 0.9)
  webmock (~> 3.4)
  webrick

BUNDLED WITH
   2.5.9
