GIT
  remote: https://github.com/pond/sdoc.git
  revision: 35c0ad2a3920f665238709f6d92e4dc43f31aeee
  branch: master
  specs:
    sdoc (1.0.0)
      json (~> 1.7, >= 1.7.7)
      rdoc (~> 5.1)

PATH
  remote: .
  specs:
    hoodoo (2.3.0)
      dalli (~> 2.7)

GEM
  remote: https://rubygems.org/
  specs:
    activemodel (5.1.5)
      activesupport (= 5.1.5)
    activerecord (5.1.5)
      activemodel (= 5.1.5)
      activesupport (= 5.1.5)
      arel (~> 8.0)
    activesupport (5.1.5)
      concurrent-ruby (~> 1.0, >= 1.0.2)
      i18n (~> 0.7)
      minitest (~> 5.1)
      tzinfo (~> 1.1)
    addressable (2.5.2)
      public_suffix (>= 2.0.2, < 4.0)
    airbrake (7.2.1)
      airbrake-ruby (~> 2.5)
    airbrake-ruby (2.8.3)
    alchemy-flux (1.1.0)
      amqp (~> 1.5)
      eventmachine (~> 1.0)
      rack (~> 2.0)
      uuidtools (~> 2.1)
    amq-protocol (2.3.0)
    amqp (1.8.0)
      amq-protocol (>= 2.2.0)
      eventmachine
    arel (8.0.0)
    byebug (9.1.0)
    concurrent-ruby (1.0.5)
    crack (0.4.3)
      safe_yaml (~> 1.0.0)
    dalli (2.7.7)
    database_cleaner (1.6.2)
    diff-lcs (1.3)
    docile (1.3.0)
    eventmachine (1.2.5)
    hashdiff (0.3.7)
    httparty (0.16.1)
      multi_xml (>= 0.5.2)
    i18n (0.9.5)
      concurrent-ruby (~> 1.0)
    json (1.8.6)
    le (2.7.6)
    minitest (5.11.3)
    multi_xml (0.6.0)
    pg (1.0.0)
    public_suffix (3.0.2)
    rack (2.0.4)
    rack-test (0.8.3)
      rack (>= 1.0, < 3)
    rake (12.3.0)
    raygun4ruby (2.7.0)
      concurrent-ruby
      httparty (> 0.13.7)
      json
      rack
    rdoc (5.1.0)
    redis (3.3.5)
    rspec (3.7.0)
      rspec-core (~> 3.7.0)
      rspec-expectations (~> 3.7.0)
      rspec-mocks (~> 3.7.0)
    rspec-core (3.7.1)
      rspec-support (~> 3.7.0)
    rspec-expectations (3.7.0)
      diff-lcs (>= 1.2.0, < 2.0)
      rspec-support (~> 3.7.0)
    rspec-mocks (3.7.0)
      diff-lcs (>= 1.2.0, < 2.0)
      rspec-support (~> 3.7.0)
    rspec-support (3.7.1)
    safe_yaml (1.0.4)
    simplecov (0.16.1)
      docile (~> 1.1)
      json (>= 1.8, < 3)
      simplecov-html (~> 0.10.0)
    simplecov-html (0.10.2)
    simplecov-rcov (0.2.3)
      simplecov (>= 0.4.1)
    thread_safe (0.3.6)
    timecop (0.9.1)
    tzinfo (1.2.5)
      thread_safe (~> 0.1)
    uuidtools (2.1.5)
    webmock (3.3.0)
      addressable (>= 2.3.6)
      crack (>= 0.3.2)
      hashdiff

PLATFORMS
  ruby

DEPENDENCIES
  activerecord (~> 5.1)
  activesupport (~> 5.1)
  airbrake (~> 7.1)
  airbrake-ruby (~> 2.6)
  alchemy-flux (= 1.1)
  byebug (~> 9.0)
  database_cleaner (~> 1.6)
  hoodoo!
  le (~> 2.7)
  pg (~> 1.0)
  rack (~> 2.0)
  rack-test (~> 0.6)
  rake (~> 12.0)
  raygun4ruby (~> 2.6)
  rdoc (~> 5.1)
  redis (~> 3.3)
  rspec (~> 3.5)
  rspec-mocks (~> 3.5)
  sdoc!
  simplecov-rcov (~> 0.2)
  timecop (~> 0.8)
  webmock (~> 3.3)

BUNDLED WITH
   1.16.1
