PATH
  remote: .
  specs:
    hoodoo (3.4.0)
      dalli (~> 3.2.3)
      ddtrace (~> 1.0)
      rack

GEM
  remote: https://rubygems.org/
  specs:
    activemodel (7.0.8)
      activesupport (= 7.0.8)
    activerecord (7.0.8)
      activemodel (= 7.0.8)
      activesupport (= 7.0.8)
    activesupport (7.0.8)
      concurrent-ruby (~> 1.0, >= 1.0.2)
      i18n (>= 1.6, < 2)
      minitest (>= 5.1)
      tzinfo (~> 2.0)
    addressable (2.8.5)
      public_suffix (>= 2.0.2, < 6.0)
    airbrake (7.4.0)
      airbrake-ruby (~> 2.12)
    airbrake-ruby (2.12.0)
    alchemy-flux (1.2.1)
      amqp (~> 1.5)
      eventmachine (~> 1.0)
      rack (~> 2.0)
      uuidtools (~> 2.1)
    amq-protocol (2.3.2)
    amqp (1.8.0)
      amq-protocol (>= 2.2.0)
      eventmachine
    bundle-audit (0.1.0)
      bundler-audit
    bundler-audit (0.9.1)
      bundler (>= 1.2.0, < 3)
      thor (~> 1.0)
    byebug (10.0.2)
    concurrent-ruby (1.2.2)
    crack (0.4.5)
      rexml
    dalli (3.2.6)
    database_cleaner (1.99.0)
    ddtrace (1.14.0)
      debase-ruby_core_source (= 3.2.1)
      libdatadog (~> 3.0.0.1.0)
      libddwaf (~> 1.9.0.0.0)
      msgpack
    debase-ruby_core_source (3.2.1)
    debug (1.8.0)
      irb (>= 1.5.0)
      reline (>= 0.3.1)
    diff-lcs (1.5.0)
    docile (1.4.0)
    eventmachine (1.2.7)
    ffi (1.16.3)
    hashdiff (1.0.1)
    i18n (1.14.1)
      concurrent-ruby (~> 1.0)
    io-console (0.6.0)
    irb (1.8.3)
      rdoc
      reline (>= 0.3.8)
    libdatadog (3.0.0.1.0)
    libddwaf (1.9.0.0.1)
      ffi (~> 1.0)
    minitest (5.20.0)
    msgpack (1.7.2)
    pg (1.5.4)
    psych (5.1.1.1)
      stringio
    public_suffix (5.0.3)
    r7insight (3.0.4)
    rack (2.2.8)
    rack-test (1.1.0)
      rack (>= 1.0, < 3)
    rake (12.3.3)
    rdoc (6.5.0)
      psych (>= 4.0.0)
    redis (4.8.1)
    reline (0.3.9)
      io-console (~> 0.5)
    rexml (3.2.6)
    rspec (3.12.0)
      rspec-core (~> 3.12.0)
      rspec-expectations (~> 3.12.0)
      rspec-mocks (~> 3.12.0)
    rspec-core (3.12.2)
      rspec-support (~> 3.12.0)
    rspec-expectations (3.12.3)
      diff-lcs (>= 1.2.0, < 2.0)
      rspec-support (~> 3.12.0)
    rspec-mocks (3.12.6)
      diff-lcs (>= 1.2.0, < 2.0)
      rspec-support (~> 3.12.0)
    rspec-support (3.12.1)
    simplecov (0.22.0)
      docile (~> 1.1)
      simplecov-html (~> 0.11)
      simplecov_json_formatter (~> 0.1)
    simplecov-html (0.12.3)
    simplecov-rcov (0.3.3)
      simplecov (>= 0.4.1)
    simplecov_json_formatter (0.1.4)
    stringio (3.0.8)
    thor (1.2.2)
    timecop (0.9.8)
    tzinfo (2.0.6)
      concurrent-ruby (~> 1.0)
    uuidtools (2.2.0)
    webmock (3.19.1)
      addressable (>= 2.8.0)
      crack (>= 0.3.2)
      hashdiff (>= 0.4.0, < 2.0.0)
    webrick (1.8.1)

PLATFORMS
  ruby

DEPENDENCIES
  activerecord (~> 7.0.1)
  activesupport (~> 7.0.1)
  airbrake (~> 7.3)
  airbrake-ruby (~> 2.11)
  alchemy-flux (= 1.2.1)
  bundle-audit
  byebug (~> 10.0)
  database_cleaner (~> 1.8)
  debug (>= 1.0.0)
  hoodoo!
  pg (~> 1.0)
  r7insight (~> 3.0)
  rack-test (~> 1.1)
  rake (~> 12.0)
  redis (~> 4.0)
  rspec (~> 3.11)
  rspec-mocks (~> 3.11)
  simplecov-rcov (~> 0.2)
  timecop (~> 0.9)
  webmock (~> 3.4)
  webrick

BUNDLED WITH
   2.4.20
