GIT
  remote: https://github.com/pond/sdoc.git
  revision: e1e35566f9f207bffb3511fea4779629de94d029
  branch: master
  specs:
    sdoc (1.0.1)
      json
      rdoc (>= 5.0)

PATH
  remote: .
  specs:
    hoodoo (2.12.7)
      dalli (~> 2.7)
      rack

GEM
  remote: https://rubygems.org/
  specs:
    activemodel (5.2.4.5)
      activesupport (= 5.2.4.5)
    activerecord (5.2.4.5)
      activemodel (= 5.2.4.5)
      activesupport (= 5.2.4.5)
      arel (>= 9.0)
    activesupport (5.2.4.5)
      concurrent-ruby (~> 1.0, >= 1.0.2)
      i18n (>= 0.7, < 2)
      minitest (~> 5.1)
      tzinfo (~> 1.1)
    addressable (2.7.0)
      public_suffix (>= 2.0.2, < 5.0)
    airbrake (7.4.0)
      airbrake-ruby (~> 2.12)
    airbrake-ruby (2.12.0)
    alchemy-flux (1.2.1)
      amqp (~> 1.5)
      eventmachine (~> 1.0)
      rack (~> 2.0)
      uuidtools (~> 2.1)
    amq-protocol (2.3.0)
    amqp (1.8.0)
      amq-protocol (>= 2.2.0)
      eventmachine
    arel (9.0.0)
    bundle-audit (0.1.0)
      bundler-audit
    bundler-audit (0.6.1)
      bundler (>= 1.2.0, < 3)
      thor (~> 0.18)
    byebug (10.0.2)
    concurrent-ruby (1.1.8)
    crack (0.4.3)
      safe_yaml (~> 1.0.0)
    dalli (2.7.11)
    database_cleaner (1.7.0)
    diff-lcs (1.3)
    docile (1.3.2)
    eventmachine (1.2.7)
    hashdiff (1.0.0)
    httparty (0.17.3)
      mime-types (~> 3.0)
      multi_xml (>= 0.5.2)
    i18n (1.8.9)
      concurrent-ruby (~> 1.0)
    json (2.3.0)
    le (2.7.6)
    mime-types (3.3.1)
      mime-types-data (~> 3.2015)
    mime-types-data (3.2019.1009)
    minitest (5.14.3)
    multi_xml (0.6.0)
    pg (1.2.2)
    public_suffix (3.1.1)
    rack (2.2.3)
    rack-test (1.1.0)
      rack (>= 1.0, < 3)
    rake (12.3.3)
    raygun4ruby (2.7.1)
      concurrent-ruby
      httparty (> 0.13.7)
      json
      rack
    rdoc (6.2.0)
    redis (4.1.1)
    rspec (3.9.0)
      rspec-core (~> 3.9.0)
      rspec-expectations (~> 3.9.0)
      rspec-mocks (~> 3.9.0)
    rspec-core (3.9.1)
      rspec-support (~> 3.9.1)
    rspec-expectations (3.9.0)
      diff-lcs (>= 1.2.0, < 2.0)
      rspec-support (~> 3.9.0)
    rspec-mocks (3.9.1)
      diff-lcs (>= 1.2.0, < 2.0)
      rspec-support (~> 3.9.0)
    rspec-support (3.9.2)
    safe_yaml (1.0.5)
    simplecov (0.17.1)
      docile (~> 1.1)
      json (>= 1.8, < 3)
      simplecov-html (~> 0.10.0)
    simplecov-html (0.10.2)
    simplecov-rcov (0.2.3)
      simplecov (>= 0.4.1)
    thor (0.20.3)
    thread_safe (0.3.6)
    timecop (0.9.1)
    tzinfo (1.2.9)
      thread_safe (~> 0.1)
    uuidtools (2.1.5)
    webmock (3.7.6)
      addressable (>= 2.3.6)
      crack (>= 0.3.2)
      hashdiff (>= 0.4.0, < 2.0.0)

PLATFORMS
  ruby

DEPENDENCIES
  activerecord (~> 5.2.4.3)
  activesupport (~> 5.2.4.3)
  airbrake (~> 7.3)
  airbrake-ruby (~> 2.11)
  alchemy-flux (= 1.2.1)
  bundle-audit
  byebug (~> 10.0)
  database_cleaner (~> 1.7)
  hoodoo!
  le (~> 2.7)
  pg (~> 1.0)
  rack-test (~> 1.1)
  rake (~> 12.0)
  raygun4ruby (~> 2.7)
  rdoc (~> 6.0)
  redis (~> 4.0)
  rspec (~> 3.8)
  rspec-mocks (~> 3.8)
  sdoc!
  simplecov-rcov (~> 0.2)
  timecop (~> 0.9)
  webmock (~> 3.4)

BUNDLED WITH
   1.17.3
